GEM
  remote: https://rubygems.org/
  specs:
    classifier (1.3.3)
      fast-stemmer (>= 1.0.0)
    colorator (0.1)
    colored (1.2)
    commander (4.1.5)
      highline (= 1.6.20)
    compass (0.12.2)
    ethon (0.6.1)
      ffi (>= 1.3.0)
      mime-types (~> 1.18)
    fast-stemmer (1.0.2)
    ffi (1.9.3)
    github-pages (10)
      kramdown (= 1.2.0)
    highline (1.6.20)
    html-proofer (0.3.0)
      colored (~> 1.2)
      mercenary (~> 0.2.0)
      nokogiri (~> 1.6.0)
      typhoeus (~> 0.6.3)
    jekyll (1.3.1)
      classifier (~> 1.3)
      colorator (~> 0.1)
      commander (~> 4.1.3)
      liquid (= 2.5.4)
      listen (~> 1.3)
      maruku (~> 0.6.0)
      pygments.rb (~> 0.5.0)
      redcarpet (~> 2.3.0)
      safe_yaml (~> 0.9.7)
    kramdown (1.2.0)
    liquid (2.5.4)
    listen (1.3.1)
      rb-fsevent (>= 0.9.3)
      rb-inotify (>= 0.9)
      rb-kqueue (>= 0.2)
    maruku (0.6.1)
      syntax (>= 1.0.0)
    mercenary (0.2.0)
    mime-types (1.25.1)
    mini_portile (0.5.2)
    nokogiri (1.6.0)
      mini_portile (~> 0.5.0)
    posix-spawn (0.3.6)
    pygments.rb (0.5.4)
      posix-spawn (~> 0.3.6)
      yajl-ruby (~> 1.1.0)
    rack-contrib (1.1.0)
    rake (10.1.0)
    rb-fsevent (0.9.3)
    rb-inotify (0.9.2)
      ffi (>= 0.5.0)
    rb-kqueue (0.2.0)
      ffi (>= 0.5.0)
    rdiscount (2.1.7)
    redcarpet (2.3.0)
    safe_yaml (0.9.7)
    syntax (1.0.0)
    typhoeus (0.6.6)
      ethon (~> 0.6.1)
    yajl-ruby (1.1.0)

PLATFORMS
  ruby

DEPENDENCIES
  compass
  github-pages
  html-proofer
  jekyll
  rack-contrib (~> 1.1.0)
  rake (~> 10.0)
  rdiscount
